GEM
  remote: https://rubygems.org/
  specs:
    json (2.5.1)
    power_assert (1.1.3)
    test-unit (3.3.0)
      power_assert

PLATFORMS
  ruby

DEPENDENCIES
  json
  test-unit

BUNDLED WITH
   2.2.24
